GEM
  remote: https://rubygems.org/
  specs:
    crack (0.4.3)
      safe_yaml (~> 1.0.0)
    dir (0.1.2)
    safe_yaml (1.0.4)

PLATFORMS
  ruby

DEPENDENCIES
  crack
  dir

BUNDLED WITH
   1.13.1
